GEM
  remote: http://rubygems.org/
  specs:
    activemodel (3.2.14)
      activesupport (= 3.2.14)
      builder (~> 3.0.0)
    activesupport (3.2.14)
      i18n (~> 0.6, >= 0.6.4)
      multi_json (~> 1.0)
    addressable (2.2.8)
    background_process (1.3)
    bson (1.8.6)
    bson_ext (1.8.5)
      bson (~> 1.8.5)
    builder (3.0.4)
    capybara (2.1.0)
      mime-types (>= 1.16)
      nokogiri (>= 1.3.3)
      rack (>= 1.0.0)
      rack-test (>= 0.5.4)
      xpath (~> 2.0)
    cucumber (1.3.5)
      builder (>= 2.1.2)
      diff-lcs (>= 1.1.3)
      gherkin (~> 2.12.0)
      multi_json (~> 1.7.5)
      multi_test (>= 0.0.2)
    database_cleaner (0.8.0)
    diff-lcs (1.1.3)
    gherkin (2.12.0)
      multi_json (~> 1.3)
    haml (3.1.7)
    i18n (0.6.4)
    json (1.7.3)
    launchy (2.1.0)
      addressable (~> 2.2.6)
    mime-types (1.23)
    mini_portile (0.5.1)
    mongo (1.8.5)
      bson (~> 1.8.5)
    mongoid (3.1.4)
      activemodel (~> 3.2)
      moped (~> 1.4)
      origin (~> 1.0)
      tzinfo (~> 0.3.22)
    moped (1.5.0)
    multi_json (1.7.8)
    multi_test (0.0.2)
    nokogiri (1.6.0)
      mini_portile (~> 0.5.0)
    origin (1.0.11)
    rack (1.5.2)
    rack-test (0.6.1)
      rack (>= 1.0)
    rspec (2.11.0)
      rspec-core (~> 2.11.0)
      rspec-expectations (~> 2.11.0)
      rspec-mocks (~> 2.11.0)
    rspec-core (2.11.1)
    rspec-expectations (2.11.3)
      diff-lcs (~> 1.1.3)
    rspec-mocks (2.11.3)
    service_manager (0.6.4)
      background_process (>= 1.2)
      tcpsocket-wait
    simplecov (0.7.1)
      multi_json (~> 1.0)
      simplecov-html (~> 0.7.1)
    simplecov-html (0.7.1)
    tcpsocket-wait (1.0.0)
    tilt (1.4.1)
    tzinfo (0.3.37)
    webmachine (1.1.0)
      i18n (>= 0.4.0)
      multi_json
    xpath (2.0.0)
      nokogiri (~> 1.3)

PLATFORMS
  ruby

DEPENDENCIES
  bson_ext (= 1.8.5)
  capybara (= 2.1.0)
  cucumber (= 1.3.5)
  database_cleaner (= 0.8.0)
  haml (= 3.1.7)
  json (= 1.7.3)
  launchy (= 2.1.0)
  mongo (= 1.8.5)
  mongoid (= 3.1.4)
  rack-test (= 0.6.1)
  rspec (= 2.11.0)
  service_manager (= 0.6.4)
  simplecov (= 0.7.1)
  tilt (= 1.4.1)
  webmachine (= 1.1.0)
