GEM
  remote: http://rubygems.org/
  specs:
    builder (3.2.2)
    cucumber (1.2.1)
      builder (>= 2.1.2)
      diff-lcs (>= 1.1.3)
      gherkin (~> 2.11.0)
      json (>= 1.4.6)
    diff-lcs (1.1.3)
    gherkin (2.11.8)
      multi_json (~> 1.3)
    i18n (0.6.4)
    json (1.7.3)
    multi_json (1.7.8)
    rack (1.5.2)
    rack-test (0.6.1)
      rack (>= 1.0)
    rspec (2.11.0)
      rspec-core (~> 2.11.0)
      rspec-expectations (~> 2.11.0)
      rspec-mocks (~> 2.11.0)
    rspec-core (2.11.1)
    rspec-expectations (2.11.3)
      diff-lcs (~> 1.1.3)
    rspec-mocks (2.11.3)
    webmachine (1.1.0)
      i18n (>= 0.4.0)
      multi_json

PLATFORMS
  ruby

DEPENDENCIES
  cucumber (= 1.2.1)
  json (= 1.7.3)
  rack-test (= 0.6.1)
  rspec (= 2.11.0)
  webmachine (= 1.1.0)
